PATH
  remote: .
  specs:
    querly (0.1.0)
      parser (~> 2.3.1)
      rainbow (~> 2.1)
      thor (~> 0.19)

GEM
  remote: https://rubygems.org/
  specs:
    ast (2.3.0)
    minitest (5.9.0)
    parser (2.3.1.2)
      ast (~> 2.2)
    racc (1.4.14)
    rainbow (2.1.0)
    rake (10.5.0)
    thor (0.19.1)

PLATFORMS
  ruby

DEPENDENCIES
  bundler (~> 1.12)
  minitest (~> 5.0)
  querly!
  racc (= 1.4.14)
  rake (~> 10.0)

BUNDLED WITH
   1.12.5
